GEM
  remote: https://rubygems.org/
  specs:
    asciidoctor (2.0.20)
    asciidoctor-diagram (2.2.14)
      asciidoctor (>= 1.5.7, < 3.x)
      asciidoctor-diagram-ditaamini (~> 1.0)
      asciidoctor-diagram-plantuml (~> 1.2021)
      rexml
    asciidoctor-diagram-ditaamini (1.0.3)
    asciidoctor-diagram-plantuml (1.2023.10)
    rexml (3.2.6)

PLATFORMS
  x86_64-linux

DEPENDENCIES
  asciidoctor
  asciidoctor-diagram

BUNDLED WITH
   2.4.20
